GEM
  remote: http://rubygems.org/
  specs:
    active_support (3.0.0)
      activesupport (= 3.0.0)
    activesupport (3.0.0)
    addressable (2.3.3)
    builder (3.2.0)
    capybara (1.1.4)
      mime-types (>= 1.16)
      nokogiri (>= 1.3.3)
      rack (>= 1.0.0)
      rack-test (>= 0.5.4)
      selenium-webdriver (~> 2.0)
      xpath (~> 0.1.4)
    capybara-screenshot (0.2.2)
      capybara (>= 1.0)
    childprocess (0.3.8)
      ffi (~> 1.0, >= 1.0.11)
    cucumber (1.2.1)
      builder (>= 2.1.2)
      diff-lcs (>= 1.1.3)
      gherkin (~> 2.11.0)
      json (>= 1.4.6)
    diff-lcs (1.1.3)
    ffi (1.4.0-x86-mingw32)
    gherkin (2.11.6-x86-mingw32)
      json (>= 1.7.6)
    git (1.2.5)
    jeweler (1.8.4)
      bundler (~> 1.0)
      git (>= 1.2.5)
      rake
      rdoc
    json (1.7.7)
    libwebsocket (0.1.7.1)
      addressable
      websocket
    logger (1.2.8)
    mime-types (1.21)
    multi_json (1.6.1)
    nokogiri (1.5.6-x86-mingw32)
    rack (1.5.2)
    rack-test (0.6.2)
      rack (>= 1.0)
    rake (0.9.2.2)
    rdoc (4.0.0)
      json (~> 1.4)
    rspec (2.6.0)
      rspec-core (~> 2.6.0)
      rspec-expectations (~> 2.6.0)
      rspec-mocks (~> 2.6.0)
    rspec-core (2.6.4)
    rspec-expectations (2.6.0)
      diff-lcs (~> 1.1.2)
    rspec-mocks (2.6.0)
    rubyzip (0.9.9)
    selenium-client (1.2.18)
    selenium-webdriver (2.22.2)
      childprocess (>= 0.2.5)
      ffi (~> 1.0)
      libwebsocket (~> 0.1.3)
      multi_json (~> 1.0)
      rubyzip
    show_me_the_cookies (1.1.4)
      capybara (~> 1.0)
    syntax (1.0.0)
    viewcumber (0.3.1)
      capybara (>= 0.3)
      cucumber (>= 1.1.4)
      jeweler
      viewcumber
    websocket (1.0.7)
    xpath (0.1.4)
      nokogiri (~> 1.3)
    yard (0.8.5.2)
    yard-cucumber (2.1.7)
      cucumber (>= 0.7.5)
      gherkin (>= 2.2.9)
      yard (>= 0.7.0)

PLATFORMS
  x86-mingw32

DEPENDENCIES
  active_support (~> 3.0.0)
  capybara (~> 1.1.2)
  capybara-screenshot (= 0.2.2)
  cucumber (~> 1.2.1)
  diff-lcs (~> 1.1.2)
  logger
  rake (~> 0.9.2.2)
  rspec (~> 2.6.0)
  selenium-client (~> 1.2.18)
  selenium-webdriver (~> 2.22.2)
  show_me_the_cookies
  syntax (~> 1.0.0)
  viewcumber (~> 0.3.1)
  yard (~> 0.8.1)
  yard-cucumber (~> 2.1.7)
